GEM
  remote: http://rubygems.org/
  specs:
    rack (1.3.5)
    rack-protection (1.1.4)
      rack
    rack-ssl-enforcer (0.2.4)
    sinatra (1.3.1)
      rack (~> 1.3, >= 1.3.4)
      rack-protection (~> 1.1, >= 1.1.2)
      tilt (~> 1.3, >= 1.3.3)
    tilt (1.3.3)

PLATFORMS
  ruby

DEPENDENCIES
  rack-ssl-enforcer (~> 0.2.4)
  sinatra
